PATH
  remote: .
  specs:
    nextcaller_client (0.0.2)

GEM
  remote: https://rubygems.org/
  specs:
    addressable (2.3.6)
    crack (0.4.2)
      safe_yaml (~> 1.0.0)
    minitest (5.4.3)
    rake (10.4.2)
    safe_yaml (1.0.4)
    webmock (1.20.4)
      addressable (>= 2.3.6)
      crack (>= 0.3.2)

PLATFORMS
  ruby

DEPENDENCIES
  bundler (>= 1.5)
  minitest (> 5.0.1)
  nextcaller_client!
  rake (>= 10.0)
  webmock (>= 1.16)
